GIT
  remote: https://github.com/MarcSchunk/cf-message-bus.git
  revision: 4df6f809782db38816cd41f9f9f6e07704dd0a1e
  ref: 4df6f809782db38816cd41f9f9f6e07704dd0a1e
  specs:
    cf-message-bus (0.3.0)
      eventmachine (~> 1.0.0)
      vcap-concurrency

GIT
  remote: https://github.com/MarcSchunk/vcap-common.git
  revision: d8ad8606fdb339215121b4f63d625a42a92d5ffd
  ref: d8ad8606fdb339215121b4f63d625a42a92d5ffd
  specs:
    vcap_common (4.0.2)
      addressable (~> 2.2)
      cookiejar (<= 0.3.0)
      em-http-request (~> 1.0)
      eventmachine
      httpclient
      membrane (~> 1.0)
      mime-types
      multi_json
      multipart-post
      squash_ruby
      steno
      uuidtools

GIT
  remote: https://github.com/cloudfoundry/cf-registrar.git
  revision: 20fdf4c15553eb90855300a81e276659c9dbd2f0
  specs:
    cf-registrar (1.0.3)
      cf-message-bus (~> 0.3.0)
      eventmachine (~> 1.0.0)
      steno
      vcap-concurrency

GIT
  remote: https://github.com/cloudfoundry/cf-uaa-lib.git
  revision: b1e11235dc6cd7d8d4680e005526de37201305ea
  ref: b1e11235dc6cd7d8d4680e005526de37201305ea
  specs:
    cf-uaa-lib (3.1.0)
      multi_json

GIT
  remote: https://github.com/cloudfoundry/delayed_job_sequel.git
  revision: 6975a36f419631e7408c11c869d4371b119064a5
  specs:
    delayed_job_sequel (4.0.1)
      delayed_job (~> 4.0.0)
      sequel (>= 3.38, < 5.0)
      tzinfo

GIT
  remote: https://github.com/cloudfoundry/vcap-concurrency.git
  revision: 2a5b0179642cb3d3e7f912a6453ec5731979d115
  ref: 2a5b0179
  specs:
    vcap-concurrency (0.1.0)

GIT
  remote: https://github.com/suhlig/steno.git
  revision: f7eda2ecf6e5ba10553a87f6c4980f0635e7f8ba
  ref: f7eda2ecf6e5ba10553a87f6c4980f0635e7f8ba
  specs:
    steno (1.2.4)
      fluent-logger

GEM
  remote: http://rubygems.org/
  specs:
    CFPropertyList (2.3.1)
    activemodel (4.2.4)
      activesupport (= 4.2.4)
      builder (~> 3.1)
    activesupport (4.2.4)
      i18n (~> 0.7)
      json (~> 1.7, >= 1.7.7)
      minitest (~> 5.1)
      thread_safe (~> 0.3, >= 0.3.4)
      tzinfo (~> 1.1)
    addressable (2.3.8)
    allowy (2.1.0)
      activesupport (>= 3.2)
      i18n
    backports (3.6.6)
    beefcake (1.0.0)
    builder (3.2.2)
    clockwork (1.2.0)
      activesupport
      tzinfo
    cloudfront-signer (3.0.0)
    cookiejar (0.3.0)
    delayed_job (4.0.6)
      activesupport (>= 3.0, < 5.0)
    em-http-request (1.1.2)
      addressable (>= 2.3.4)
      cookiejar
      em-socksify (>= 0.3)
      eventmachine (>= 1.0.3)
      http_parser.rb (>= 0.6.0)
    em-socksify (0.3.1)
      eventmachine (>= 1.0.0.beta.4)
    eventmachine (1.0.8-java)
    excon (0.45.4)
    fission (0.5.0)
      CFPropertyList (~> 2.2)
    fluent-logger (0.5.0)
      msgpack (>= 0.4.4, < 0.6.0, != 0.5.3, != 0.5.2, != 0.5.1, != 0.5.0)
    fog (1.34.0)
      fog-atmos
      fog-aws (>= 0.6.0)
      fog-brightbox (~> 0.4)
      fog-core (~> 1.32)
      fog-dynect (~> 0.0.2)
      fog-ecloud (~> 0.1)
      fog-google (>= 0.0.2)
      fog-json
      fog-local
      fog-powerdns (>= 0.1.1)
      fog-profitbricks
      fog-radosgw (>= 0.0.2)
      fog-riakcs
      fog-sakuracloud (>= 0.0.4)
      fog-serverlove
      fog-softlayer
      fog-storm_on_demand
      fog-terremark
      fog-vmfusion
      fog-voxel
      fog-xml (~> 0.1.1)
      ipaddress (~> 0.5)
      nokogiri (~> 1.5, >= 1.5.11)
    fog-atmos (0.1.0)
      fog-core
      fog-xml
    fog-aws (0.7.6)
      fog-core (~> 1.27)
      fog-json (~> 1.0)
      fog-xml (~> 0.1)
      ipaddress (~> 0.8)
    fog-brightbox (0.9.0)
      fog-core (~> 1.22)
      fog-json
      inflecto (~> 0.0.2)
    fog-core (1.32.1)
      builder
      excon (~> 0.45)
      formatador (~> 0.2)
      mime-types
      net-scp (~> 1.1)
      net-ssh (>= 2.1.3)
    fog-dynect (0.0.2)
      fog-core
      fog-json
      fog-xml
    fog-ecloud (0.3.0)
      fog-core
      fog-xml
    fog-google (0.0.9)
      fog-core
      fog-json
      fog-xml
    fog-json (1.0.2)
      fog-core (~> 1.0)
      multi_json (~> 1.10)
    fog-local (0.2.1)
      fog-core (~> 1.27)
    fog-powerdns (0.1.1)
      fog-core (~> 1.27)
      fog-json (~> 1.0)
      fog-xml (~> 0.1)
    fog-profitbricks (0.0.5)
      fog-core
      fog-xml
      nokogiri
    fog-radosgw (0.0.4)
      fog-core (>= 1.21.0)
      fog-json
      fog-xml (>= 0.0.1)
    fog-riakcs (0.1.0)
      fog-core
      fog-json
      fog-xml
    fog-sakuracloud (1.3.3)
      fog-core
      fog-json
    fog-serverlove (0.1.2)
      fog-core
      fog-json
    fog-softlayer (0.4.7)
      fog-core
      fog-json
    fog-storm_on_demand (0.1.1)
      fog-core
      fog-json
    fog-terremark (0.1.0)
      fog-core
      fog-xml
    fog-vmfusion (0.1.0)
      fission
      fog-core
    fog-voxel (0.1.0)
      fog-core
      fog-xml
    fog-xml (0.1.2)
      fog-core
      nokogiri (~> 1.5, >= 1.5.11)
    formatador (0.2.5)
    http_parser.rb (0.6.0-java)
    httpclient (2.6.0.1)
    i18n (0.7.0)
    inflecto (0.0.2)
    ipaddress (0.8.0)
    json (1.8.3-java)
    loggregator_emitter (4.0.0)
      beefcake (~> 1.0.0)
    membrane (1.1.0)
    mime-types (2.6.2)
    minitest (5.8.1)
    msgpack (0.5.12-java)
    multi_json (1.11.2)
    multipart-post (2.0.0)
    net-scp (1.2.1)
      net-ssh (>= 2.6.5)
    net-ssh (3.0.1)
    netaddr (1.5.0)
    newrelic_rpm (3.12.0.288)
    nokogiri (1.6.6.2-java)
    pg_jruby (0.17.1-java)
    rack (1.6.4)
    rack-protection (1.5.3)
      rack
    rack-test (0.6.3)
      rack (>= 1.0)
    rake (10.4.2)
    rfc822 (0.1.5)
    sequel (4.26.0)
    sinatra (1.4.6)
      rack (~> 1.4)
      rack-protection (~> 1.4)
      tilt (>= 1.3, < 3)
    sinatra-contrib (1.4.6)
      backports (>= 2.0)
      multi_json
      rack-protection
      rack-test
      sinatra (~> 1.4.0)
      tilt (>= 1.3, < 3)
    squash_ruby (2.0.0)
      json
    statsd-ruby (1.2.1)
    thread_safe (0.3.5-java)
    tilt (2.0.1)
    tzinfo (1.2.2)
      thread_safe (~> 0.1)
    unf (0.1.4-java)
    uuidtools (2.1.5)

PLATFORMS
  java

DEPENDENCIES
  activemodel
  activesupport
  addressable
  allowy
  cf-message-bus (~> 0.3.0)!
  cf-registrar (~> 1.0.2)!
  cf-uaa-lib (~> 3.1.0)!
  clockwork
  cloudfront-signer
  delayed_job_sequel!
  eventmachine (~> 1.0.0)
  fog
  httpclient
  i18n
  loggregator_emitter (~> 4.0)
  membrane (~> 1.0)
  multi_json
  netaddr
  newrelic_rpm (= 3.12.0.288)
  nokogiri (~> 1.6.2)
  pg_jruby
  rake
  rfc822
  sequel
  sinatra (~> 1.4)
  sinatra-contrib
  statsd-ruby
  steno!
  unf
  vcap-concurrency!
  vcap_common (~> 4.0)!

BUNDLED WITH
   1.10.6
